PATH
  remote: .
  specs:
    weather911 (0.1.0)

GEM
  remote: https://rubygems.org/
  specs:
    coderay (1.1.2)
    httparty (0.16.3)
      mime-types (~> 3.0)
      multi_xml (>= 0.5.2)
    method_source (0.9.2)
    mime-types (3.2.2)
      mime-types-data (~> 3.2015)
    mime-types-data (3.2018.0812)
    mini_portile2 (2.4.0)
    multi_xml (0.6.0)
    nokogiri (1.10.1)
      mini_portile2 (~> 2.4.0)
    pry (0.12.2)
      coderay (~> 1.1.0)
      method_source (~> 0.9.0)
    rake (10.4.2)

PLATFORMS
  ruby

DEPENDENCIES
  bundler (~> 2.0)
  httparty
  nokogiri
  pry
  rake (~> 10.0)
  weather911!

BUNDLED WITH
   2.0.1
